GEM
  remote: https://rubygems.org/
  specs:
    faraday (0.9.1)
      multipart-post (>= 1.2, < 3)
    multi_json (1.11.0)
    multipart-post (2.0.0)
    oauth2 (0.5.2)
      faraday (~> 0.7)
      multi_json (~> 1.0)
    weibo2 (0.1.0)
      oauth2 (~> 0.5.1)

PLATFORMS
  ruby

DEPENDENCIES
  weibo2
