GEM
  remote: https://rubygems.org/
  specs:
    bson (1.12.0)
    faraday (0.9.1)
      multipart-post (>= 1.2, < 3)
    httparty (0.13.3)
      json (~> 1.8)
      multi_xml (>= 0.5.2)
    json (1.8.2)
    mongo (1.12.0)
      bson (= 1.12.0)
    multi_json (1.11.0)
    multi_xml (0.5.5)
    multipart-post (2.0.0)
    netrc (0.7.9)
    oauth2 (0.5.2)
      faraday (~> 0.7)
      multi_json (~> 1.0)
    rest_client (1.8.3)
      netrc (~> 0.7.7)
    weibo2 (0.1.0)
      oauth2 (~> 0.5.1)

PLATFORMS
  ruby

DEPENDENCIES
  httparty
  mongo (~> 1.12.0)
  oauth2
  rest_client
  weibo2
